GEM
  remote: https://rubygems.org/
  specs:
    byebug (9.0.6)
    chronic_duration (0.10.6)
      numerizer (~> 0.1.1)
    numerizer (0.1.1)
    spec (5.3.4)
      chronic_duration (~> 0.10.2)

PLATFORMS
  ruby

DEPENDENCIES
  byebug
  spec

RUBY VERSION
   ruby 2.3.3p222

BUNDLED WITH
   1.13.7
